PATH
  remote: RMagick4J
  specs:
    rmagick4j (0.3.9-java)

GEM
  remote: http://rubygems.org/
  specs:
    ansi (1.5.0)
    builder (3.2.2)
    ftools (0.0.0)
    gruff (0.5.1-java)
      rmagick4j
    hashie (3.4.1)
    minitest (4.7.5)
    minitest-reporters (0.14.24)
      ansi
      builder
      minitest (>= 2.12, < 5.0)
      powerbar
    powerbar (1.0.12)
      ansi (~> 1.5.0)
      hashie (>= 1.1.0)
    profligacy (1.0-java)
    rake (10.4.2)

PLATFORMS
  java

DEPENDENCIES
  ftools
  gruff
  minitest-reporters (< 1.0.0)
  profligacy
  rake
  rmagick4j!
